PATH
  remote: .
  specs:
    cliff_hanger (0.1.0)

GEM
  remote: http://rubygems:9292/
  specs:
    diff-lcs (1.2.5)
    json (1.8.1-java)
    rdoc (4.1.1)
      json (~> 1.4)
    rspec (2.14.1)
      rspec-core (~> 2.14.0)
      rspec-expectations (~> 2.14.0)
      rspec-mocks (~> 2.14.0)
    rspec-core (2.14.8)
    rspec-expectations (2.14.5)
      diff-lcs (>= 1.1.3, < 2.0)
    rspec-mocks (2.14.6)
    rubygems-tasks (0.2.4)

PLATFORMS
  java

DEPENDENCIES
  cliff_hanger!
  rdoc
  rspec
  rubygems-tasks
